PATH
  remote: .
  specs:
    rhino (0.1.2)
      activemodel (~> 3.1.0)
      activesupport (~> 3.1.0)
      hbase-thrift (~> 0.90.4)
      i18n (~> 0.6.0)
      thrift (~> 0.6.0)

GEM
  remote: http://rubygems.util.pages/
  remote: http://uproxy.util.pages/rubygems-whitepages/
  remote: http://uproxy.util.pages/rubygems-mirror/
  remote: http://rubygems.org/
  specs:
    activemodel (3.1.0)
      activesupport (= 3.1.0)
      bcrypt-ruby (~> 3.0.0)
      builder (~> 3.0.0)
      i18n (~> 0.6)
    activesupport (3.1.0)
      multi_json (~> 1.0)
    bcrypt-ruby (3.0.1)
    builder (3.0.0)
    diff-lcs (1.1.3)
    hbase-thrift (0.90.4)
    i18n (0.6.0)
    multi_json (1.0.3)
    rake (0.8.7)
    rspec (2.6.0)
      rspec-core (~> 2.6.0)
      rspec-expectations (~> 2.6.0)
      rspec-mocks (~> 2.6.0)
    rspec-core (2.6.4)
    rspec-expectations (2.6.0)
      diff-lcs (~> 1.1.2)
    rspec-mocks (2.6.0)
    thrift (0.6.0)

PLATFORMS
  ruby

DEPENDENCIES
  rake (= 0.8.7)
  rhino!
  rspec
