PATH
  remote: .
  specs:
    rhino (0.2.9)
      activemodel (~> 3.1.0)
      activesupport (~> 3.1.0)
      hbase-thrift (~> 0.90.4)
      i18n (~> 0.6.0)
      thrift (~> 0.7.0)

GEM
  remote: http://uproxy.util.pages/rubygems-whitepages/
  remote: http://uproxy.util.pages/rubygems-mirror/
  remote: http://rubygems.org/
  specs:
    activemodel (3.1.3)
      activesupport (= 3.1.3)
      builder (~> 3.0.0)
      i18n (~> 0.6)
    activesupport (3.1.3)
      multi_json (~> 1.0)
    builder (3.0.0)
    columnize (0.3.6)
    diff-lcs (1.1.3)
    hbase-thrift (0.90.4)
    i18n (0.6.0)
    linecache (0.46)
      rbx-require-relative (> 0.0.4)
    multi_json (1.0.4)
    rake (0.8.7)
    rbx-require-relative (0.0.5)
    rspec (2.7.0)
      rspec-core (~> 2.7.0)
      rspec-expectations (~> 2.7.0)
      rspec-mocks (~> 2.7.0)
    rspec-core (2.7.1)
    rspec-expectations (2.7.0)
      diff-lcs (~> 1.1.2)
    rspec-mocks (2.7.0)
    ruby-debug (0.10.4)
      columnize (>= 0.1)
      ruby-debug-base (~> 0.10.4.0)
    ruby-debug-base (0.10.4)
      linecache (>= 0.3)
    thrift (0.7.0)

PLATFORMS
  ruby

DEPENDENCIES
  rake (= 0.8.7)
  rhino!
  rspec
  ruby-debug
